PATH
  remote: .
  specs:
    archive_2s (0.0.6)

GEM
  remote: http://rubygems.org/
  specs:
    activerecord (2.3.14)
      activesupport (= 2.3.14)
    activesupport (2.3.14)

PLATFORMS
  ruby

DEPENDENCIES
  activerecord (~> 2.3.12)
  archive_2s!
